GEM
  specs:
    json (2.1.0)
    redis (3.3.3)

PLATFORMS
  ruby

DEPENDENCIES
  json
  redis

BUNDLED WITH
   1.14.6
